GEM
  remote: https://rubygems.org/
  specs:
    activesupport (7.0.4)
      concurrent-ruby (~> 1.0, >= 1.0.2)
      i18n (>= 1.6, < 2)
      minitest (>= 5.1)
      tzinfo (~> 2.0)
    algorithms (1.0.0)
    concurrent-ruby (1.1.10)
    debug (1.6.3)
    i18n (1.12.0)
      concurrent-ruby (~> 1.0)
    minitest (5.16.3)
    pairing_heap (1.0.0)
    power_assert (2.0.2)
    rexml (3.2.5)
    rgl (0.5.9)
      pairing_heap (>= 0.3.0)
      rexml (~> 3.2, >= 3.2.4)
      stream (~> 0.5.3)
    ruby-prof (1.4.3)
    stream (0.5.5)
    test-unit (3.5.5)
      power_assert
    tzinfo (2.0.5)
      concurrent-ruby (~> 1.0)

PLATFORMS
  x86_64-linux

DEPENDENCIES
  activesupport
  algorithms
  debug
  rgl
  ruby-prof
  test-unit

BUNDLED WITH
   2.3.26
